PATH
  remote: dependencies/foo
  specs:
    foo (0.1.0)

GEM
  remote: https://rubygems.org/
  specs:

PLATFORMS
  ruby
  x86_64-darwin-19

DEPENDENCIES
  foo!

BUNDLED WITH
   2.1.4
